GEM
  remote: https://rubygems.org/
  specs:
    CFPropertyList (2.2.8)
    ast (2.3.0)
    ethon (0.10.1)
      ffi (>= 1.3.0)
    facter (2.4.6)
      CFPropertyList (~> 2.2.6)
    ffi (1.9.14)
    hiera (3.2.2)
    json (1.8.3)
    json_pure (1.8.3)
    mini_portile2 (2.1.0)
    nokogiri (1.6.8.1)
      mini_portile2 (~> 2.1.0)
    parser (2.3.3.1)
      ast (~> 2.2)
    powerpack (0.1.1)
    puppet (4.8.1)
      CFPropertyList (~> 2.2.6)
      facter (> 2.0, < 4)
      hiera (>= 2.0, < 4)
      json_pure (~> 1.8)
    puppet-lint (2.0.2)
    rainbow (2.1.0)
    rubocop (0.46.0)
      parser (>= 2.3.1.1, < 3.0)
      powerpack (~> 0.1)
      rainbow (>= 1.99.1, < 3.0)
      ruby-progressbar (~> 1.7)
      unicode-display_width (~> 1.0, >= 1.0.1)
    ruby-progressbar (1.8.1)
    ruby_aem (1.0.0)
      nokogiri (~> 1.6, >= 1.6.8)
      swagger_aem (~> 0.9, >= 0.9.2)
    swagger_aem (0.9.2)
      json (~> 1.8, >= 1.8.3)
      typhoeus (~> 1.0, >= 1.0.1)
    typhoeus (1.1.2)
      ethon (>= 0.9.0)
    unicode-display_width (1.1.2)

PLATFORMS
  ruby

DEPENDENCIES
  puppet
  puppet-lint
  rubocop
  ruby_aem (>= 1.0.0)

BUNDLED WITH
   1.13.6
