GIT
  remote: git://github.com/puppetlabs/pdk.git
  revision: b336d5755f8b29d620a3073003063ae81eef7b28
  ref: b336d5755f8b29d620a3073003063ae81eef7b28
  specs:
    pdk (1.8.0.pre)
      bundler (~> 1.15)
      childprocess (~> 0.7.1)
      cri (~> 2.10.1)
      deep_merge (~> 1.1)
      diff-lcs (= 1.3)
      gettext-setup (~> 0.24)
      json-schema (= 2.8.0)
      json_pure (~> 2.1.0)
      minitar (~> 0.6.1)
      pathspec (~> 0.2.1)
      tty-prompt (= 0.13.1)
      tty-spinner (= 0.5.0)
      tty-which (= 0.3.0)

GEM
  remote: https://rubygems.org/
  specs:
    addressable (2.5.2)
      public_suffix (>= 2.0.2, < 4.0)
    ast (2.4.0)
    childprocess (0.7.1)
      ffi (~> 1.0, >= 1.0.11)
    colored (1.2)
    cri (2.10.1)
      colored (~> 1.2)
    deep_merge (1.2.1)
    diff-lcs (1.3)
    equatable (0.5.0)
    ethon (0.11.0)
      ffi (>= 1.3.0)
    facter (2.5.1)
    faraday (0.13.1)
      multipart-post (>= 1.2, < 3)
    faraday_middleware (0.12.2)
      faraday (>= 0.7.4, < 1.0)
    fast_gettext (1.1.2)
    ffi (1.9.25)
    gettext (3.2.9)
      locale (>= 2.0.5)
      text (>= 1.3.0)
    gettext-setup (0.30)
      fast_gettext (~> 1.1.0)
      gettext (>= 3.0.2)
      locale
    hiera (3.4.5)
    hitimes (1.3.0)
    jaro_winkler (1.5.1)
    json (2.1.0)
    json-schema (2.8.0)
      addressable (>= 2.4)
    json_pure (2.1.0)
    locale (2.1.2)
    log4r (1.1.10)
    metaclass (0.0.4)
    metadata-json-lint (2.2.0)
      json-schema (~> 2.8)
      spdx-licenses (~> 1.0)
    mini_portile2 (2.3.0)
    minitar (0.6.1)
    mocha (1.7.0)
      metaclass (~> 0.0.1)
    multi_json (1.13.1)
    multipart-post (2.0.0)
    necromancer (0.4.0)
    nokogiri (1.8.4)
      mini_portile2 (~> 2.3.0)
    nori (2.6.0)
    parallel (1.12.1)
    parser (2.5.1.2)
      ast (~> 2.4.0)
    pastel (0.7.2)
      equatable (~> 0.5.0)
      tty-color (~> 0.4.0)
    pathspec (0.2.1)
    powerpack (0.1.2)
    public_suffix (3.0.3)
    puppet (5.0.0)
      facter (> 2.0, < 4)
      gettext-setup (>= 0.10, < 1)
      hiera (>= 3.2.1, < 4)
      locale (~> 2.1)
    puppet-lint (2.3.6)
    puppet-syntax (2.4.1)
      rake
    puppet_forge (2.2.9)
      faraday (>= 0.9.0, < 0.14.0)
      faraday_middleware (>= 0.9.0, < 0.13.0)
      gettext-setup (~> 0.11)
      minitar
      semantic_puppet (~> 1.0)
    puppetlabs_spec_helper (2.11.0)
      mocha (~> 1.0)
      puppet-lint (~> 2.0)
      puppet-syntax (~> 2.0)
      rspec-puppet (~> 2.0)
    r10k (3.0.0)
      colored (= 1.2)
      cri (~> 2.8)
      gettext-setup (~> 0.24)
      log4r (= 1.1.10)
      multi_json (~> 1.10)
      puppet_forge (~> 2.2.8)
    rainbow (3.0.0)
    rake (12.3.1)
    retries (0.0.5)
    rspec (3.8.0)
      rspec-core (~> 3.8.0)
      rspec-expectations (~> 3.8.0)
      rspec-mocks (~> 3.8.0)
    rspec-core (3.8.0)
      rspec-support (~> 3.8.0)
    rspec-expectations (3.8.1)
      diff-lcs (>= 1.2.0, < 2.0)
      rspec-support (~> 3.8.0)
    rspec-mocks (3.8.0)
      diff-lcs (>= 1.2.0, < 2.0)
      rspec-support (~> 3.8.0)
    rspec-puppet (2.6.15)
      rspec
    rspec-support (3.8.0)
    rubocop (0.59.2)
      jaro_winkler (~> 1.5.1)
      parallel (~> 1.10)
      parser (>= 2.5, != 2.5.1.1)
      powerpack (~> 0.1)
      rainbow (>= 2.2.2, < 4.0)
      ruby-progressbar (~> 1.7)
      unicode-display_width (~> 1.0, >= 1.0.1)
    ruby-progressbar (1.10.0)
    ruby_aem (2.1.0)
      nokogiri (~> 1.8.1)
      nori (~> 2.6.0)
      retries (~> 0.0.5)
      swagger_aem (~> 2.1.0)
    semantic_puppet (1.0.2)
    spdx-licenses (1.2.0)
    swagger_aem (2.1.0)
      json (~> 2.1, >= 2.1.0)
      typhoeus (~> 1.0, >= 1.0.1)
    text (1.3.1)
    timers (4.1.2)
      hitimes
    tty-color (0.4.3)
    tty-cursor (0.5.0)
    tty-prompt (0.13.1)
      necromancer (~> 0.4.0)
      pastel (~> 0.7.0)
      timers (~> 4.1.2)
      tty-cursor (~> 0.5.0)
      wisper (~> 2.0.0)
    tty-spinner (0.5.0)
      tty-cursor (>= 0.5.0)
    tty-which (0.3.0)
    typhoeus (1.3.0)
      ethon (>= 0.9.0)
    unicode-display_width (1.4.0)
    wisper (2.0.0)

PLATFORMS
  ruby

DEPENDENCIES
  facter (= 2.5.1)
  metadata-json-lint
  pdk!
  puppet (= 5)
  puppet-lint
  puppetlabs_spec_helper
  r10k
  rake
  rubocop
  ruby_aem (~> 2.1.0)

BUNDLED WITH
   1.16.5
