GEM
  remote: https://rubygems.org/
  specs:
    ethon (0.10.1)
      ffi (>= 1.3.0)
    facter (2.4.6)
    fast_gettext (1.1.0)
    ffi (1.9.18)
    gettext (3.2.2)
      locale (>= 2.0.5)
      text (>= 1.3.0)
    gettext-setup (0.24)
      fast_gettext (~> 1.1.0)
      gettext (>= 3.0.2)
      locale
    hiera (3.3.1)
    json (1.8.6)
    json_pure (1.8.6)
    locale (2.1.2)
    mini_portile2 (2.1.0)
    nokogiri (1.6.8.1)
      mini_portile2 (~> 2.1.0)
    puppet (4.10.0)
      facter (> 2.0, < 4)
      gettext-setup (>= 0.10, < 1)
      hiera (>= 2.0, < 4)
      json_pure (~> 1.8)
      locale (~> 2.1)
    puppet-lint (2.2.1)
    retries (0.0.5)
    ruby_aem (1.1.1)
      nokogiri (~> 1.6, < 1.7)
      retries (~> 0.0.5)
      swagger_aem (~> 1.0.0)
    swagger_aem (1.0.0)
      json (~> 1.8, >= 1.8.3)
      typhoeus (~> 1.0, >= 1.0.1)
    text (1.3.1)
    typhoeus (1.1.2)
      ethon (>= 0.9.0)

PLATFORMS
  ruby

DEPENDENCIES
  nokogiri (~> 1.6.8.1)
  puppet
  puppet-lint
  ruby_aem (~> 1.1.1)

BUNDLED WITH
   1.14.6
