GEM
  remote: https://rubygems.org/
  specs:
    CFPropertyList (2.2.8)
    ethon (0.10.1)
      ffi (>= 1.3.0)
    facter (2.4.6)
      CFPropertyList (~> 2.2.6)
    ffi (1.9.18)
    hiera (3.2.2)
    json (1.8.6)
    json_pure (1.8.3)
    mini_portile2 (2.1.0)
    nokogiri (1.6.8.1)
      mini_portile2 (~> 2.1.0)
    puppet (4.8.1)
      CFPropertyList (~> 2.2.6)
      facter (> 2.0, < 4)
      hiera (>= 2.0, < 4)
      json_pure (~> 1.8)
    puppet-lint (2.1.0)
    retries (0.0.5)
    ruby_aem (1.0.12)
      nokogiri (~> 1.6, < 1.7)
      retries (~> 0.0.5)
      swagger_aem (~> 0.9.8)
    swagger_aem (0.9.8)
      json (~> 1.8, >= 1.8.3)
      typhoeus (~> 1.0, >= 1.0.1)
    typhoeus (1.1.2)
      ethon (>= 0.9.0)

PLATFORMS
  ruby

DEPENDENCIES
  nokogiri (~> 1.6.8.1)
  puppet
  puppet-lint
  ruby_aem (~> 1.0.12)

BUNDLED WITH
   1.14.6
